NUGET
  remote: https://nuget.org/api/v2
  specs:
    JetBrains.Annotations (10.0.0)
GIST
  remote: JohanLarsson/23f129d38a79c7b685ca#file-ensure-cs
  specs:
    Ensure.cs (efa8c18de920304c9dff53db9ff20c18ae0640c3)