NUGET
  remote: https://nuget.org/api/v2
  specs:
    JetBrains.Annotations (10.0.0)
